GEM
  remote: https://rubygems.org/
  specs:
    daemons (1.2.3)
    eventmachine (1.0.8)
    rack (1.6.4)
    shotgun (0.9.1)
      rack (>= 1.0)
    thin (1.6.4)
      daemons (~> 1.0, >= 1.0.9)
      eventmachine (~> 1.0, >= 1.0.4)
      rack (~> 1.0)

PLATFORMS
  x64-mingw32

DEPENDENCIES
  rack
  shotgun
  thin

BUNDLED WITH
   1.10.6
